GEM
  remote: http://rubygems.org/
  specs:
    activemodel (5.2.8.1)
      activesupport (= 5.2.8.1)
    activerecord (5.2.8.1)
      activemodel (= 5.2.8.1)
      activesupport (= 5.2.8.1)
      arel (>= 9.0)
    activesupport (5.2.8.1)
      concurrent-ruby (~> 1.0, >= 1.0.2)
      i18n (>= 0.7, < 2)
      minitest (~> 5.1)
      tzinfo (~> 1.1)
    arel (9.0.0)
    backports (3.15.0)
    concurrent-ruby (1.1.10)
    daemons (1.3.1)
    eventmachine (1.2.7)
    foreman (0.85.0)
      thor (~> 0.19.1)
    i18n (1.11.0)
      concurrent-ruby (~> 1.0)
    metaclass (0.0.4)
    minitest (5.16.2)
    mocha (0.11.4)
      metaclass (~> 0.0.1)
    multi_json (1.13.1)
    mustache (1.1.0)
    mustermann (1.0.3)
    mysql2 (0.5.2)
    rack (2.0.8)
    rack-protection (2.0.7)
      rack
    rack-test (1.1.0)
      rack (>= 1.0, < 3)
    rake (12.3.3)
    sinatra (2.0.7)
      mustermann (~> 1.0)
      rack (~> 2.0)
      rack-protection (= 2.0.7)
      tilt (~> 2.0)
    sinatra-activerecord (2.0.14)
      activerecord (>= 3.2)
      sinatra (>= 1.0)
    sinatra-contrib (2.0.7)
      backports (>= 2.8.2)
      multi_json
      mustermann (~> 1.0)
      rack-protection (= 2.0.7)
      sinatra (= 2.0.7)
      tilt (~> 2.0)
    thin (1.7.2)
      daemons (~> 1.0, >= 1.0.9)
      eventmachine (~> 1.0, >= 1.0.4)
      rack (>= 1, < 3)
    thor (0.19.4)
    thread_safe (0.3.6)
    tilt (2.0.10)
    tzinfo (1.2.9)
      thread_safe (~> 0.1)

PLATFORMS
  ruby

DEPENDENCIES
  activerecord (< 6.0.0)
  foreman
  mocha (~> 0.11.1)
  mustache
  mysql2 (= 0.5.2)
  rack
  rack-test
  rake
  sinatra
  sinatra-activerecord
  sinatra-contrib
  thin

BUNDLED WITH
   2.0.1
